PATH
  remote: .
  specs:
    deb-s3 (0.7.1)
      aws-sdk-v1 (~> 1.52.0)
      thor (~> 0.18.0)

GEM
  remote: https://rubygems.org/
  specs:
    aws-sdk-v1 (1.52.0)
      json (~> 1.4)
      nokogiri (>= 1.4.4)
    json (1.8.2)
    mini_portile (0.6.2)
    minitest (5.0.8)
    nokogiri (1.6.6.2)
      mini_portile (~> 0.6.0)
    rake (10.1.1)
    thor (0.18.1)

PLATFORMS
  ruby

DEPENDENCIES
  deb-s3!
  minitest
  rake
