PATH
  remote: .
  specs:
    deb-s3 (0.6.2)
      aws-sdk (~> 1.53)
      nokogiri (~> 1.5.11, < 1.6)
      thor (~> 0.18.0)

GEM
  remote: https://rubygems.org/
  specs:
    aws-sdk (1.53.0)
      aws-sdk-v1 (= 1.53.0)
    aws-sdk-v1 (1.53.0)
      json (~> 1.4)
      nokogiri (>= 1.4.4)
    json (1.8.1)
    minitest (5.0.8)
    nokogiri (1.5.11)
    rake (10.1.1)
    thor (0.18.1)

PLATFORMS
  ruby

DEPENDENCIES
  deb-s3!
  minitest
  rake
