PATH
  remote: .
  specs:
    deb-s3 (0.6.0)
      aws-sdk (~> 1.18)
      thor (~> 0.18.0)

GEM
  remote: https://rubygems.org/
  specs:
    aws-sdk (1.19.0)
      json (~> 1.4)
      nokogiri (>= 1.4.4, < 1.6.0)
      uuidtools (~> 2.1)
    json (1.8.0)
    nokogiri (1.5.10)
    thor (0.18.1)
    uuidtools (2.1.4)

PLATFORMS
  ruby

DEPENDENCIES
  deb-s3!
