PATH
  remote: .
  specs:
    deb-s3 (0.9.0)
      aws-sdk (~> 1.66)
      thor (~> 0.19.0)

GEM
  remote: https://rubygems.org/
  specs:
    aws-sdk (1.66.0)
      aws-sdk-v1 (= 1.66.0)
    aws-sdk-v1 (1.66.0)
      json (~> 1.4)
      nokogiri (>= 1.4.4)
    json (1.8.3)
    mini_portile2 (2.0.0)
    minitest (5.0.8)
    nokogiri (1.6.7.1)
      mini_portile2 (~> 2.0.0.rc2)
    rake (11.1.2)
    thor (0.19.1)

PLATFORMS
  ruby

DEPENDENCIES
  deb-s3!
  minitest (~> 5)
  rake (~> 11)

BUNDLED WITH
   1.11.2
