PATH
  remote: .
  specs:
    deb-s3 (0.2.0)
      aws-s3 (~> 0.6.3)
      thor (~> 0.18.0)

GEM
  remote: https://rubygems.org/
  specs:
    aws-s3 (0.6.3)
      builder
      mime-types
      xml-simple
    builder (3.2.2)
    mime-types (1.23)
    thor (0.18.1)
    xml-simple (1.1.2)

PLATFORMS
  ruby

DEPENDENCIES
  deb-s3!
